GEM
  remote: https://rubygems.org/
  specs:
    ethon (0.7.0)
      ffi (>= 1.3.0)
    ffi (1.9.3)
    ffi (1.9.3-java)
    typhoeus (0.6.8)
      ethon (>= 0.7.0)

PLATFORMS
  java
  ruby

DEPENDENCIES
  typhoeus
